NDims = 3
DimSize = 256 256 113
ElementType = SHORT
ElementSpacing = 1.0 1.0 1.0
ElementByteOrderMSB = False
ElementDataFile = CTheadRaw
